

GROUP net472
REDIRECTS: ON
RESTRICTION: == net472
NUGET
  remote: https://api.nuget.org/v3/index.json
    Antlr (3.5.0.2)
    Antlr3.Runtime (3.5.1)
    Auth0.OpenIdConnectSigningKeyResolver (2.0)
      Microsoft.IdentityModel.Protocols.OpenIdConnect (>= 5.2.2)
    bootstrap (4.4.1)
      jQuery (>= 3.0 < 4.0)
      popper.js (>= 1.16 < 2.0)
    Castle.Core (4.4)
    Common.Logging (3.4.1)
      Common.Logging.Core (>= 3.4.1)
    Common.Logging.Core (3.4.1)
      Microsoft.CSharp (>= 4.0.1)
    DocumentFormat.OpenXml (2.9.1)
      System.IO.Packaging (>= 4.5)
    EntityFramework (6.4)
    EPPlus (4.5.3.2)
      Microsoft.Extensions.Configuration.Json (>= 2.2)
      System.ComponentModel.TypeConverter (>= 4.3)
      System.Data.Common (>= 4.3)
      System.Drawing.Common (>= 4.5.1)
      System.Reflection (>= 4.3)
      System.Security.Claims (>= 4.3)
      System.Security.Cryptography.Pkcs (>= 4.5.1)
      System.Security.Cryptography.X509Certificates (>= 4.3.2)
      System.Text.Encoding.CodePages (>= 4.5)
      System.Xml.XmlDocument (>= 4.3)
      System.Xml.XPath.XmlDocument (>= 4.3)
    FluentAssertions (5.9)
    FluentNHibernate (2.1.2)
      NHibernate (>= 5.1.1)
    FluentValidations (1.1)
    FontAwesome (4.7)
    Iesi.Collections (4.0.4)
    IoC.Container (1.1.15)
    JetBrains.DotMemoryUnit (3.0.20171219.105559)
    jQuery (3.4.1)
    jQuery.Validation (1.19.1)
      jQuery (>= 1.4.4)
    JsonDiffPatch.Net (2.1)
      Newtonsoft.Json (>= 10.0.3)
    LinqToCsv (1.5)
    log4net (2.0.8)
    Microsoft.AspNet.Cors (5.2.7)
    Microsoft.AspNet.Identity.Core (2.2.3)
    Microsoft.AspNet.Identity.EntityFramework (2.2.3)
      EntityFramework (>= 6.1)
      Microsoft.AspNet.Identity.Core (>= 2.2.3)
    Microsoft.AspNet.Identity.Owin (2.2.3)
      Microsoft.AspNet.Identity.Core (>= 2.2.3)
      Microsoft.Owin.Security (>= 3.0.1)
      Microsoft.Owin.Security.Cookies (>= 3.0.1)
      Microsoft.Owin.Security.OAuth (>= 3.0.1)
    Microsoft.AspNet.Mvc (5.2.7)
      Microsoft.AspNet.Razor (>= 3.2.7 < 3.3)
      Microsoft.AspNet.WebPages (>= 3.2.7 < 3.3)
    Microsoft.AspNet.Razor (3.2.7)
    Microsoft.AspNet.SignalR (2.4.1)
      Microsoft.AspNet.SignalR.JS (>= 2.4.1)
      Microsoft.AspNet.SignalR.SystemWeb (>= 2.4.1)
    Microsoft.AspNet.SignalR.Core (2.4.1)
      Microsoft.Owin.Security (>= 2.1)
      Newtonsoft.Json (>= 6.0.4)
    Microsoft.AspNet.SignalR.JS (2.4.1)
      jQuery (>= 1.6.4)
    Microsoft.AspNet.SignalR.SystemWeb (2.4.1)
      Microsoft.AspNet.SignalR.Core (>= 2.4.1)
      Microsoft.Owin.Host.SystemWeb (>= 2.1)
    Microsoft.AspNet.Web.Optimization (1.1.3)
      Microsoft.Web.Infrastructure (>= 1.0)
      WebGrease (>= 1.5.2)
    Microsoft.AspNet.WebApi (5.2.7)
      Microsoft.AspNet.WebApi.WebHost (>= 5.2.7 < 5.3)
    Microsoft.AspNet.WebApi.Client (5.2.7)
      Newtonsoft.Json (>= 6.0.4)
    Microsoft.AspNet.WebApi.Core (5.2.7)
      Microsoft.AspNet.WebApi.Client (>= 5.2.7)
    Microsoft.AspNet.WebApi.Cors (5.2.7)
      Microsoft.AspNet.Cors (>= 5.2.7)
      Microsoft.AspNet.WebApi.Core (>= 5.2.7 < 5.3)
    Microsoft.AspNet.WebApi.HelpPage (5.2.7)
      Microsoft.AspNet.Mvc (>= 5.2.7 < 5.3)
      Microsoft.AspNet.Razor (>= 3.2.7 < 3.3)
      Microsoft.AspNet.WebApi.WebHost (>= 5.2.7 < 5.3)
    Microsoft.AspNet.WebApi.Owin (5.2.7)
      Microsoft.AspNet.WebApi.Core (>= 5.2.7 < 5.3)
      Microsoft.Owin (>= 2.0.2)
      Owin (>= 1.0)
    Microsoft.AspNet.WebApi.WebHost (5.2.7)
      Microsoft.AspNet.WebApi.Core (>= 5.2.7 < 5.3)
    Microsoft.AspNet.WebPages (3.2.7)
      Microsoft.AspNet.Razor (>= 3.2.7 < 3.3)
      Microsoft.Web.Infrastructure (>= 1.0)
    Microsoft.Bcl.AsyncInterfaces (1.1)
      System.Threading.Tasks.Extensions (>= 4.5.2)
    Microsoft.CodeCoverage (16.4)
    Microsoft.CodeDom.Providers.DotNetCompilerPlatform (2.0.1)
    Microsoft.CSharp (4.7)
    Microsoft.Data.Edm (5.8.4)
    Microsoft.Data.OData (5.8.4)
      Microsoft.Data.Edm (5.8.4)
      System.Spatial (5.8.4)
    Microsoft.Data.Services.Client (5.8.4)
      Microsoft.Data.OData (5.8.4)
    Microsoft.DotNet.InternalAbstractions (1.0)
    Microsoft.Extensions.Configuration (3.1)
      Microsoft.Extensions.Configuration.Abstractions (>= 3.1)
    Microsoft.Extensions.Configuration.Abstractions (3.1)
      Microsoft.Extensions.Primitives (>= 3.1)
    Microsoft.Extensions.Configuration.FileExtensions (3.1)
      Microsoft.Extensions.Configuration (>= 3.1)
      Microsoft.Extensions.FileProviders.Physical (>= 3.1)
    Microsoft.Extensions.Configuration.Json (3.1)
      Microsoft.Extensions.Configuration (>= 3.1)
      Microsoft.Extensions.Configuration.FileExtensions (>= 3.1)
      System.Text.Json (>= 4.7)
      System.Threading.Tasks.Extensions (>= 4.5.2)
    Microsoft.Extensions.FileProviders.Abstractions (3.1)
      Microsoft.Extensions.Primitives (>= 3.1)
    Microsoft.Extensions.FileProviders.Physical (3.1)
      Microsoft.Extensions.FileProviders.Abstractions (>= 3.1)
      Microsoft.Extensions.FileSystemGlobbing (>= 3.1)
    Microsoft.Extensions.FileSystemGlobbing (3.1)
    Microsoft.Extensions.Primitives (3.1)
      System.Memory (>= 4.5.2)
      System.Runtime.CompilerServices.Unsafe (>= 4.7)
    Microsoft.IdentityModel.JsonWebTokens (5.6)
      Microsoft.IdentityModel.Tokens (>= 5.6)
      Newtonsoft.Json (>= 10.0.1)
    Microsoft.IdentityModel.Logging (5.6)
    Microsoft.IdentityModel.Protocols (5.6)
      Microsoft.IdentityModel.Logging (>= 5.6)
      Microsoft.IdentityModel.Tokens (>= 5.6)
    Microsoft.IdentityModel.Protocols.OpenIdConnect (5.6)
      Microsoft.IdentityModel.Protocols (>= 5.6)
      Newtonsoft.Json (>= 10.0.1)
      System.IdentityModel.Tokens.Jwt (>= 5.6)
    Microsoft.IdentityModel.Tokens (5.6)
      Microsoft.IdentityModel.Logging (>= 5.6)
      Newtonsoft.Json (>= 10.0.1)
    Microsoft.jQuery.Unobtrusive.Validation (3.2.11)
      jQuery (>= 1.8)
      jQuery.Validation (>= 1.8.0.1)
    Microsoft.NET.Test.Sdk (16.4)
      Microsoft.CodeCoverage (>= 16.4)
    Microsoft.NETCore.Platforms (3.1)
    Microsoft.Owin (4.0.1)
      Owin (>= 1.0)
    Microsoft.Owin.Cors (4.0.1)
      Microsoft.AspNet.Cors (>= 5.0)
      Microsoft.Owin (>= 4.0.1)
      Owin (>= 1.0)
    Microsoft.Owin.FileSystems (4.1)
    Microsoft.Owin.Host.HttpListener (4.0.1)
    Microsoft.Owin.Host.SystemWeb (4.0.1)
      Microsoft.Owin (>= 4.0.1)
      Owin (>= 1.0)
    Microsoft.Owin.Hosting (4.0.1)
      Microsoft.Owin (>= 4.0.1)
      Owin (>= 1.0)
    Microsoft.Owin.Security (4.0.1)
      Microsoft.Owin (>= 4.0.1)
      Owin (>= 1.0)
    Microsoft.Owin.Security.Cookies (4.0.1)
      Microsoft.Owin (>= 4.0.1)
      Microsoft.Owin.Security (>= 4.0.1)
      Owin (>= 1.0)
    Microsoft.Owin.Security.Facebook (4.0.1)
      Microsoft.Owin (>= 4.0.1)
      Microsoft.Owin.Security (>= 4.0.1)
      Newtonsoft.Json (>= 10.0.1)
      Owin (>= 1.0)
    Microsoft.Owin.Security.Google (4.0.1)
      Microsoft.Owin (>= 4.0.1)
      Microsoft.Owin.Security (>= 4.0.1)
      Newtonsoft.Json (>= 10.0.1)
      Owin (>= 1.0)
    Microsoft.Owin.Security.Jwt (4.0.1)
      Microsoft.Owin (>= 4.0.1)
      Microsoft.Owin.Security (>= 4.0.1)
      Microsoft.Owin.Security.OAuth (>= 4.0.1)
      Owin (>= 1.0)
      System.IdentityModel.Tokens.Jwt (>= 5.3)
    Microsoft.Owin.Security.MicrosoftAccount (4.0.1)
      Microsoft.Owin (>= 4.0.1)
      Microsoft.Owin.Security (>= 4.0.1)
      Newtonsoft.Json (>= 10.0.1)
      Owin (>= 1.0)
    Microsoft.Owin.Security.OAuth (4.0.1)
      Microsoft.Owin (>= 4.0.1)
      Microsoft.Owin.Security (>= 4.0.1)
      Newtonsoft.Json (>= 10.0.1)
      Owin (>= 1.0)
    Microsoft.Owin.Security.Twitter (4.0.1)
      Microsoft.Owin (>= 4.0.1)
      Microsoft.Owin.Security (>= 4.0.1)
      Newtonsoft.Json (>= 10.0.1)
      Owin (>= 1.0)
    Microsoft.Owin.StaticFiles (4.0.1)
      Microsoft.Owin (>= 4.0.1)
      Microsoft.Owin.FileSystems (>= 4.0.1)
      Owin (>= 1.0)
    Microsoft.Owin.Testing (4.0.1)
      Microsoft.Owin.Hosting (>= 4.0.1)
      Owin (>= 1.0)
    Microsoft.TestPlatform.ObjectModel (16.4)
      NuGet.Frameworks (>= 5.0)
      System.Reflection.Metadata (>= 1.6)
      System.Runtime.InteropServices.RuntimeInformation (>= 4.0)
    Microsoft.Web.Infrastructure (1.0)
    Microsoft.Web.Xdt (3.0)
    Modernizr (2.8.3)
    Nancy (2.0)
    Nancy.Owin (2.0)
      Nancy (>= 2.0)
      Owin (>= 1.0)
    NETStandard.Library (2.0.3)
      Microsoft.NETCore.Platforms (>= 1.1)
    Newtonsoft.Json (12.0.3)
    NHibernate (5.2.6)
      Antlr3.Runtime (>= 3.5.1 < 4.0)
      Iesi.Collections (>= 4.0.4 < 5.0)
      Remotion.Linq (>= 2.2 < 3.0)
      Remotion.Linq.EagerFetching (>= 2.2 < 3.0)
    NHibernate.Caches.SysCache2 (5.6)
      NHibernate (>= 5.2)
    NServiceBus (7.2)
    NServiceBus.CustomChecks (3.0.1)
      NServiceBus (>= 7.0 < 8.0)
    NServiceBus.Heartbeat (3.0.1)
      NServiceBus (>= 7.0 < 8.0)
    NServiceBus.Log4Net (3.0)
      log4net (>= 2.0.8 < 3.0)
      NServiceBus (>= 7.0 < 8.0)
    NServiceBus.Metrics (3.0)
      NServiceBus (>= 7.0 < 8.0)
    NServiceBus.Metrics.ServiceControl (3.0.4)
      NServiceBus (>= 7.0.1 < 8.0)
      NServiceBus.Metrics (>= 3.0 < 4.0)
    NServiceBus.Newtonsoft.Json (2.2)
      Newtonsoft.Json (>= 12.0.1 < 13.0)
      NServiceBus (>= 7.0 < 8.0)
    NServiceBus.Persistence.Sql (4.6.1)
      Newtonsoft.Json (>= 12.0.1 < 13.0)
      NServiceBus (>= 7.0 < 8.0)
      System.Data.SqlClient (>= 4.4.3)
    NServiceBus.SqlServer (5.0.2)
      NServiceBus (>= 7.2 < 8.0)
      System.Data.SqlClient (>= 4.4.3)
    NServiceBus.StructureMap (7.0)
      NServiceBus (>= 7.0 < 8.0)
      structuremap (>= 4.3 < 5.0)
    NServiceBus.Testing (7.2)
      NServiceBus (>= 7.0 < 8.0)
    NSubstitute (4.2.1)
      Castle.Core (>= 4.4)
      System.Threading.Tasks.Extensions (>= 4.3)
    NuGet.Frameworks (5.4)
    NUnit (3.12)
    NUnit.Engine (3.10)
      Microsoft.DotNet.InternalAbstractions (>= 1.0)
      NETStandard.Library (>= 2.0)
      System.ComponentModel.TypeConverter (>= 4.3)
      System.Diagnostics.Process (>= 4.3)
      System.Reflection (>= 4.3)
      System.Xml.XPath.XmlDocument (>= 4.3)
    NUnit.Engine.Api (3.10)
      System.Xml.XPath.XmlDocument (>= 4.3)
    NUnit3TestAdapter (3.15.1)
    OctoPack (3.6.4)
    Owin (1.0)
    popper.js (1.16)
    Remotion.Linq (2.2)
    Remotion.Linq.EagerFetching (2.2)
      Remotion.Linq (>= 2.2)
    Respond (1.4.2)
    structuremap (4.7.1)
      System.Reflection.Emit.Lightweight (>= 4.3)
    Swashbuckle (5.6)
      Microsoft.AspNet.WebApi.WebHost (>= 4.0.20710)
      Swashbuckle.Core (>= 5.6)
      WebActivatorEx (>= 2.0)
    Swashbuckle.Core (5.6)
      Microsoft.AspNet.WebApi.Core (>= 4.0.20710)
      Newtonsoft.Json (>= 7.0.1)
    System.Buffers (4.5)
    System.Collections.Immutable (1.7)
      System.Memory (>= 4.5.3)
    System.Collections.NonGeneric (4.3)
    System.ComponentModel.Primitives (4.3)
    System.ComponentModel.TypeConverter (4.3)
      System.Collections.NonGeneric (>= 4.3)
      System.ComponentModel.Primitives (>= 4.3)
    System.Data.Common (4.3)
    System.Data.SqlClient (4.8)
    System.Diagnostics.Process (4.3)
    System.Drawing.Common (4.7)
    System.IdentityModel.Tokens.Jwt (5.6)
      Microsoft.IdentityModel.JsonWebTokens (>= 5.6)
      Microsoft.IdentityModel.Tokens (>= 5.6)
      Newtonsoft.Json (>= 10.0.1)
    System.IO (4.3)
    System.IO.FileSystem.Primitives (4.3)
    System.IO.Packaging (4.7)
      System.IO.FileSystem.Primitives (>= 4.3)
    System.Memory (4.5.3)
      System.Buffers (>= 4.4)
      System.Numerics.Vectors (>= 4.4)
      System.Runtime.CompilerServices.Unsafe (>= 4.5.2)
    System.Numerics.Vectors (4.5)
    System.Reflection (4.3)
    System.Reflection.Emit.Lightweight (4.3)
    System.Reflection.Metadata (1.8)
      System.Collections.Immutable (>= 1.7)
    System.Runtime (4.3.1)
    System.Runtime.CompilerServices.Unsafe (4.7)
    System.Runtime.InteropServices.RuntimeInformation (4.3)
    System.Security.Claims (4.3)
    System.Security.Cryptography.Algorithms (4.3.1)
      System.IO (>= 4.3)
      System.Runtime (>= 4.3)
      System.Security.Cryptography.Encoding (>= 4.3)
      System.Security.Cryptography.Primitives (>= 4.3)
    System.Security.Cryptography.Encoding (4.3)
    System.Security.Cryptography.Pkcs (4.7)
    System.Security.Cryptography.Primitives (4.3)
    System.Security.Cryptography.X509Certificates (4.3.2)
      System.Security.Cryptography.Algorithms (>= 4.3)
      System.Security.Cryptography.Encoding (>= 4.3)
    System.Spatial (5.8.4)
    System.Text.Encoding.CodePages (4.7)
      System.Runtime.CompilerServices.Unsafe (>= 4.7)
    System.Text.Encodings.Web (4.7)
      System.Memory (>= 4.5.3)
    System.Text.Json (4.7)
      Microsoft.Bcl.AsyncInterfaces (>= 1.1)
      System.Buffers (>= 4.5)
      System.Memory (>= 4.5.3)
      System.Numerics.Vectors (>= 4.5)
      System.Runtime.CompilerServices.Unsafe (>= 4.7)
      System.Text.Encodings.Web (>= 4.7)
      System.Threading.Tasks.Extensions (>= 4.5.2)
      System.ValueTuple (>= 4.5)
    System.Threading.Tasks.Extensions (4.5.3)
      System.Runtime.CompilerServices.Unsafe (>= 4.5.2)
    System.ValueTuple (4.5)
    System.Xml.XmlDocument (4.3)
    System.Xml.XPath (4.3)
    System.Xml.XPath.XmlDocument (4.3)
      System.Xml.XmlDocument (>= 4.3)
      System.Xml.XPath (>= 4.3)
    TeamCity.ServiceMessages (3.0.12)
    TeamCity.VSTest.TestAdapter (1.0.17)
      IoC.Container (>= 1.1.15)
      Microsoft.TestPlatform.ObjectModel (>= 11.0)
      TeamCity.ServiceMessages (>= 3.0.12)
    Topshelf (4.2.1)
    Topshelf.Log4Net (4.2.1)
      log4net (>= 2.0.8)
      Topshelf (>= 4.2.1)
    WebActivatorEx (2.2)
      Microsoft.Web.Infrastructure (>= 1.0)
    WebApiThrottle (1.5.4)
      Microsoft.AspNet.WebApi.Core (>= 5.2.3)
      Microsoft.Owin (>= 3.0.1)
      Newtonsoft.Json (>= 6.0.8)
    WebGrease (1.6)
      Antlr (>= 3.4.1.9004)
      Newtonsoft.Json (>= 5.0.4)
